GEM
  remote: http://rubygems.org/
  specs:
    activemodel (3.2.11)
      activesupport (= 3.2.11)
      builder (~> 3.0.0)
    activesupport (3.2.11)
      i18n (~> 0.6)
      multi_json (~> 1.0)
    bson (1.8.2)
    bson_ext (1.8.2)
      bson (~> 1.8.2)
    builder (3.0.4)
    coderay (1.0.8)
    i18n (0.6.1)
    json (1.7.6)
    method_source (0.8.1)
    mime-types (1.19)
    mongo (1.8.2)
      bson (~> 1.8.2)
    mongo_mapper (0.12.0)
      activemodel (~> 3.0)
      activesupport (~> 3.0)
      plucky (~> 0.5.2)
    multi_json (1.5.0)
    nokogiri (1.5.6)
    plucky (0.5.2)
      mongo (~> 1.5)
    pry (0.9.11.4)
      coderay (~> 1.0.5)
      method_source (~> 0.8)
      slop (~> 3.4)
    rest-client (1.6.7)
      mime-types (>= 1.16)
    slop (3.4.3)

PLATFORMS
  ruby

DEPENDENCIES
  bson_ext
  json
  mongo
  mongo_mapper
  nokogiri
  pry
  rest-client
