GEM
  remote: https://rubygems.org/
  specs:
    activemodel (3.2.14)
      activesupport (= 3.2.14)
      builder (~> 3.0.0)
    activesupport (3.2.14)
      i18n (~> 0.6, >= 0.6.4)
      multi_json (~> 1.0)
    bson (1.9.1)
    bson_ext (1.9.1)
      bson (~> 1.9.1)
    builder (3.0.4)
    coderay (1.0.9)
    i18n (0.6.4)
    json (1.8.0)
    method_source (0.8.2)
    mime-types (1.23)
    mini_portile (0.5.1)
    mongo (1.9.1)
      bson (~> 1.9.1)
    mongo_mapper (0.12.0)
      activemodel (~> 3.0)
      activesupport (~> 3.0)
      plucky (~> 0.5.2)
    multi_json (1.7.8)
    nokogiri (1.6.0)
      mini_portile (~> 0.5.0)
    plucky (0.5.2)
      mongo (~> 1.5)
    pry (0.9.12.2)
      coderay (~> 1.0.5)
      method_source (~> 0.8)
      slop (~> 3.4)
    rest-client (1.6.7)
      mime-types (>= 1.16)
    slop (3.4.6)

PLATFORMS
  ruby

DEPENDENCIES
  bson_ext
  json
  mongo
  mongo_mapper
  nokogiri
  pry
  rest-client
